GEM
  remote: http://rubygems.org/
  specs:
    ffi (1.9.6)
    mini_portile (0.5.2)
    natto (0.9.6)
      ffi (>= 1.9.0)
    nokogiri (1.6.1)
      mini_portile (~> 0.5.0)
    progressbar (0.21.0)

PLATFORMS
  ruby

DEPENDENCIES
  natto
  nokogiri
  progressbar
